GIT
  remote: https://github.com/thoughtbot/paperclip
  revision: 523bd46c768226893f23889079a7aa9c73b57d68
  ref: 523bd46c768226893f23889079a7aa9c73b57d68
  specs:
    paperclip (4.3.1)
      activemodel (>= 3.2.0)
      activesupport (>= 3.2.0)
      cocaine (~> 0.5.5)
      mime-types
      mimemagic (= 0.3.0)

GEM
  remote: http://rubygems.org/
  specs:
    actionmailer (4.2.3)
      actionpack (= 4.2.3)
      actionview (= 4.2.3)
      activejob (= 4.2.3)
      mail (~> 2.5, >= 2.5.4)
      rails-dom-testing (~> 1.0, >= 1.0.5)
    actionpack (4.2.3)
      actionview (= 4.2.3)
      activesupport (= 4.2.3)
      rack (~> 1.6)
      rack-test (~> 0.6.2)
      rails-dom-testing (~> 1.0, >= 1.0.5)
      rails-html-sanitizer (~> 1.0, >= 1.0.2)
    actionview (4.2.3)
      activesupport (= 4.2.3)
      builder (~> 3.1)
      erubis (~> 2.7.0)
      rails-dom-testing (~> 1.0, >= 1.0.5)
      rails-html-sanitizer (~> 1.0, >= 1.0.2)
    active_model_otp (1.2.0)
      activemodel
      rotp
    active_model_serializers (0.10.2)
      actionpack (>= 4.1, < 6)
      activemodel (>= 4.1, < 6)
      jsonapi (~> 0.1.1.beta2)
      railties (>= 4.1, < 6)
    activejob (4.2.3)
      activesupport (= 4.2.3)
      globalid (>= 0.3.0)
    activemerchant (1.60.0)
      activesupport (>= 3.2.14, < 5.1)
      builder (>= 2.1.2, < 4.0.0)
      i18n (>= 0.6.9)
      nokogiri (~> 1.4)
    activemodel (4.2.3)
      activesupport (= 4.2.3)
      builder (~> 3.1)
    activerecord (4.2.3)
      activemodel (= 4.2.3)
      activesupport (= 4.2.3)
      arel (~> 6.0)
    activerecord-session_store (1.0.0)
      actionpack (>= 4.0, < 5.1)
      activerecord (>= 4.0, < 5.1)
      multi_json (~> 1.11, >= 1.11.2)
      rack (>= 1.5.2, < 3)
      railties (>= 4.0, < 5.1)
    activesupport (4.2.3)
      i18n (~> 0.7)
      json (~> 1.7, >= 1.7.7)
      minitest (~> 5.1)
      thread_safe (~> 0.3, >= 0.3.4)
      tzinfo (~> 1.1)
    addressable (2.4.0)
    adminlte-rails (1.3.3)
      thor (~> 0.14)
    ajax-datatables-rails (0.3.1)
      railties (>= 3.1)
    angular_rails_csrf (1.0.4)
      rails (>= 3, < 5)
    angularjs-rails (1.5.6)
    arel (6.0.3)
    audited (4.2.2)
      rails-observers (~> 0.1.2)
    audited-activerecord (4.2.2)
      activerecord (~> 4.0)
      audited (= 4.2.2)
    authorizenet (1.8.9.1)
      nokogiri (~> 1.6, >= 1.6.4)
      roxml (= 3.3.1)
    autoparse (0.3.3)
      addressable (>= 2.3.1)
      extlib (>= 0.9.15)
      multi_json (>= 1.0.0)
    autoprefixer-rails (6.5.1.1)
      execjs
    aws-sdk (2.6.42)
      aws-sdk-resources (= 2.6.42)
    aws-sdk-core (2.6.42)
      aws-sigv4 (~> 1.0)
      jmespath (~> 1.0)
    aws-sdk-resources (2.6.42)
      aws-sdk-core (= 2.6.42)
    aws-sigv4 (1.0.0)
    bcrypt (3.1.11)
    better_errors (2.1.1)
      coderay (>= 1.0.0)
      erubis (>= 2.6.6)
      rack (>= 0.9.0)
    bootstrap-sass (3.3.7)
      autoprefixer-rails (>= 5.2.1)
      sass (>= 3.3.4)
    bootstrap-switch-rails (3.3.3)
    breadcrumbs_on_rails (3.0.1)
    builder (3.2.2)
    byebug (9.0.6)
    cancancan (1.15.0)
    chartjs-ror (3.0.2)
      rails (>= 3.1)
    chronic (0.10.2)
    chunky_png (1.3.8)
    city-state (0.0.13)
      rubyzip (~> 1.1)
    cli (1.3.1)
    climate_control (0.0.3)
      activesupport (>= 3.0)
    cocaine (0.5.8)
      climate_control (>= 0.0.3, < 1.0)
    coderay (1.1.1)
    coffee-rails (4.1.1)
      coffee-script (>= 2.2.0)
      railties (>= 4.0.0, < 5.1.x)
    coffee-script (2.4.1)
      coffee-script-source
      execjs
    coffee-script-source (1.10.0)
    command (1.0.0)
    commonjs (0.2.7)
    concurrent-ruby (1.0.2)
    connection_pool (2.2.0)
    cookiejar (0.3.3)
    countries (1.2.5)
      currencies (~> 0.4.2)
      i18n_data (~> 0.7.0)
    curb (0.9.3)
    currencies (0.4.2)
    daemons (1.2.4)
    debug_inspector (0.0.2)
    delayed-web (0.4.2)
      rails (>= 3.2.13)
    delayed_job (4.1.2)
      activesupport (>= 3.0, < 5.1)
    delayed_job_active_record (4.1.1)
      activerecord (>= 3.0, < 5.1)
      delayed_job (>= 3.0, < 5)
    devise (3.4.1)
      bcrypt (~> 3.0)
      orm_adapter (~> 0.1)
      railties (>= 3.2.6, < 5)
      responders
      thread_safe (~> 0.1)
      warden (~> 1.2.3)
    diff-lcs (1.2.5)
    em-http-request (1.1.5)
      addressable (>= 2.3.4)
      cookiejar (!= 0.3.1)
      em-socksify (>= 0.3)
      eventmachine (>= 1.0.3)
      http_parser.rb (>= 0.6.0)
    em-socksify (0.3.1)
      eventmachine (>= 1.0.0.beta.4)
    erubis (2.7.0)
    eventmachine (1.2.0.1)
    excon (0.54.0)
    execjs (2.7.0)
    extlib (0.9.16)
    faraday (0.9.2)
      multipart-post (>= 1.2, < 3)
    faraday-detailed_logger (2.1.0)
      faraday
    faraday_middleware (0.10.1)
      faraday (>= 0.7.4, < 1.0)
    faye (1.2.3)
      cookiejar (>= 0.3.0)
      em-http-request (>= 0.3.0)
      eventmachine (>= 0.12.0)
      faye-websocket (>= 0.9.1)
      multi_json (>= 1.0.0)
      rack (>= 1.0.0)
      websocket-driver (>= 0.5.1)
    faye-websocket (0.10.4)
      eventmachine (>= 0.12.0)
      websocket-driver (>= 0.5.1)
    foreman (0.82.0)
      thor (~> 0.19.1)
    geocoder (1.4.0)
    get_process_mem (0.2.1)
    globalid (0.3.7)
      activesupport (>= 4.1.0)
    google-api-client (0.7.1)
      addressable (>= 2.3.2)
      autoparse (>= 0.3.3)
      extlib (>= 0.9.15)
      faraday (>= 0.9.0)
      jwt (>= 0.1.5)
      launchy (>= 2.1.1)
      multi_json (>= 1.0.0)
      retriable (>= 1.4)
      signet (>= 0.5.0)
      uuidtools (>= 2.1.0)
    hashie (3.4.6)
    htmlentities (4.3.4)
    http_parser.rb (0.6.0)
    httpclient (2.8.2.4)
    i18n (0.7.0)
    i18n_data (0.7.0)
    icalendar (2.4.1)
    icheck-rails (1.0.2.2)
      jquery-rails
      rails (>= 3.1.0)
      sass-rails
    invoice_number (0.0.1)
      activesupport
    jbuilder (2.6.0)
      activesupport (>= 3.0.0, < 5.1)
      multi_json (~> 1.2)
    jmespath (1.3.1)
    jquery-datatables-rails (3.4.0)
      actionpack (>= 3.1)
      jquery-rails
      railties (>= 3.1)
      sass-rails
    jquery-rails (4.2.1)
      rails-dom-testing (>= 1, < 3)
      railties (>= 4.2.0)
      thor (>= 0.14, < 2.0)
    jquery-turbolinks (2.1.0)
      railties (>= 3.1.0)
      turbolinks
    json (1.8.3)
    jsonapi (0.1.1.beta6)
      jsonapi-parser (= 0.1.1.beta3)
      jsonapi-renderer (= 0.1.1.beta1)
    jsonapi-parser (0.1.1.beta3)
    jsonapi-renderer (0.1.1.beta1)
    jwt (1.5.6)
    koala (2.4.0)
      addressable
      faraday
      multi_json (>= 1.3.0)
    launchy (2.4.3)
      addressable (~> 2.3)
    less (2.6.0)
      commonjs (~> 0.2.7)
    less-rails (2.8.0)
      actionpack (>= 4.0)
      less (~> 2.6.0)
      sprockets (> 2, < 4)
      tilt
    less-rails-bootstrap (3.3.5.0)
      less-rails (>= 2.6, <= 2.8)
    libv8 (3.16.14.15)
    loofah (2.0.3)
      nokogiri (>= 1.5.9)
    mail (2.6.4)
      mime-types (>= 1.16, < 4)
    mailchimp-api (2.0.6)
      excon (>= 0.16.0)
      json (>= 1.7.7)
    mime-types (1.25.1)
    mimemagic (0.3.0)
    mina (0.3.8)
      open4 (~> 1.3.4)
      rake
    mina-delayed_job (0.1.0)
      mina (~> 0)
    mina-faye (0.1.0)
      mina
    mina-nginx (0.0.1)
      mina (~> 0)
    mina-sidekiq (0.4.1)
      mina
    mini_portile2 (2.1.0)
    minitest (5.9.1)
    momentjs-rails (2.15.1)
      railties (>= 3.1)
    money (6.7.1)
      i18n (>= 0.6.4, <= 0.7.0)
      sixarm_ruby_unaccent (>= 1.1.1, < 2)
    multi_json (1.12.1)
    multi_xml (0.5.5)
    multipart-post (2.0.0)
    mysql2 (0.3.21)
    nmi_direct_post (0.3.0)
      activemodel (>= 4.0)
      addressable
    nokogiri (1.6.8.1)
      mini_portile2 (~> 2.1.0)
    oauth (0.4.7)
    oauth-plugin (0.5.1)
      multi_json
      oauth (~> 0.4.4)
      oauth2 (>= 0.5.0)
      rack
    oauth2 (1.2.0)
      faraday (>= 0.8, < 0.10)
      jwt (~> 1.0)
      multi_json (~> 1.3)
      multi_xml (~> 0.5)
      rack (>= 1.2, < 3)
    omniauth (1.2.2)
      hashie (>= 1.2, < 4)
      rack (~> 1.0)
    omniauth-facebook (4.0.0)
      omniauth-oauth2 (~> 1.2)
    omniauth-google-oauth2 (0.4.1)
      jwt (~> 1.5.2)
      multi_json (~> 1.3)
      omniauth (>= 1.1.1)
      omniauth-oauth2 (>= 1.3.1)
    omniauth-oauth2 (1.4.0)
      oauth2 (~> 1.0)
      omniauth (~> 1.2)
    open4 (1.3.4)
    orm_adapter (0.5.0)
    phony (2.15.33)
    phony_rails (0.14.4)
      activesupport (>= 3.0)
      phony (~> 2.15)
    plivo (0.3.19)
      builder (>= 2.1.2)
      htmlentities (~> 4.3, >= 4.3.1)
      json (~> 1.6, >= 1.6.6)
      rest-client (~> 1.6, >= 1.6.7)
    protected_attributes (1.1.3)
      activemodel (>= 4.0.1, < 5.0)
    public_activity (1.5.0)
      actionpack (>= 3.0.0)
      activerecord (>= 3.0)
      i18n (>= 0.5.0)
      railties (>= 3.0.0)
    puma (3.6.2)
    puma_worker_killer (0.0.7)
      get_process_mem (~> 0.2)
      puma (>= 2.7, < 4)
    qbo_api (1.4.1)
      faraday
      faraday-detailed_logger
      faraday_middleware
      nokogiri
      simple_oauth
    quickbooks-ruby (0.4.6)
      activemodel (< 5.0.0)
      multipart-post
      nokogiri
      oauth (= 0.4.7)
      roxml (= 3.3.1)
    rack (1.6.4)
    rack-protection (1.5.3)
      rack
    rack-test (0.6.3)
      rack (>= 1.0)
    rails (4.2.3)
      actionmailer (= 4.2.3)
      actionpack (= 4.2.3)
      actionview (= 4.2.3)
      activejob (= 4.2.3)
      activemodel (= 4.2.3)
      activerecord (= 4.2.3)
      activesupport (= 4.2.3)
      bundler (>= 1.3.0, < 2.0)
      railties (= 4.2.3)
      sprockets-rails
    rails-deprecated_sanitizer (1.0.3)
      activesupport (>= 4.2.0.alpha)
    rails-dom-testing (1.0.7)
      activesupport (>= 4.2.0.beta, < 5.0)
      nokogiri (~> 1.6.0)
      rails-deprecated_sanitizer (>= 1.0.1)
    rails-html-sanitizer (1.0.3)
      loofah (~> 2.0)
    rails-observers (0.1.2)
      activemodel (~> 4.0)
    rails_exception_handler (2.3.4)
    railties (4.2.3)
      actionpack (= 4.2.3)
      activesupport (= 4.2.3)
      rake (>= 0.8.7)
      thor (>= 0.18.1, < 2.0)
    rake (11.2.2)
    rdoc (4.2.2)
      json (~> 1.4)
    redis (3.3.1)
    redis-namespace (1.5.2)
      redis (~> 3.0, >= 3.0.4)
    ref (2.0.0)
    remotipart (1.2.1)
    responders (2.3.0)
      railties (>= 4.2.0, < 5.1)
    rest-client (1.6.9)
      mime-types (~> 1.16)
    retriable (2.1.0)
    roo (2.5.1)
      nokogiri (~> 1)
      rubyzip (~> 1.1, < 2.0.0)
    rotp (1.6.1)
    roxml (3.3.1)
      activesupport (>= 2.3.0)
      nokogiri (>= 1.3.3)
    rqrcode (0.10.1)
      chunky_png (~> 1.0)
    rspec-core (3.5.4)
      rspec-support (~> 3.5.0)
    rspec-expectations (3.5.0)
      diff-lcs (>= 1.2.0, < 2.0)
      rspec-support (~> 3.5.0)
    rspec-mocks (3.5.0)
      diff-lcs (>= 1.2.0, < 2.0)
      rspec-support (~> 3.5.0)
    rspec-rails (3.5.2)
      actionpack (>= 3.0)
      activesupport (>= 3.0)
      railties (>= 3.0)
      rspec-core (~> 3.5.0)
      rspec-expectations (~> 3.5.0)
      rspec-mocks (~> 3.5.0)
      rspec-support (~> 3.5.0)
    rspec-support (3.5.0)
    rubyzip (1.2.0)
    rufus-scheduler (3.3.2)
      tzinfo
    sass (3.4.22)
    sass-rails (5.0.6)
      railties (>= 4.0.0, < 6)
      sass (~> 3.1)
      sprockets (>= 2.8, < 4.0)
      sprockets-rails (>= 2.0, < 4.0)
      tilt (>= 1.1, < 3)
    sdoc (0.4.2)
      json (~> 1.7, >= 1.7.7)
      rdoc (~> 4.0)
    sendgrid-rails (2.0.5)
      actionmailer (>= 3.0.0)
      activesupport (>= 2.1.0)
    sidekiq (4.2.3)
      concurrent-ruby (~> 1.0)
      connection_pool (~> 2.2, >= 2.2.0)
      rack-protection (>= 1.5.0)
      redis (~> 3.2, >= 3.2.1)
    sidekiq-client-cli (0.1.7)
      cli
      sidekiq (>= 2.15)
    sidekiq-failures (0.4.5)
      sidekiq (>= 2.16.0)
    sidekiq-lock (0.3.0)
      redis (>= 3.0.5)
      sidekiq (>= 2.14.0)
    sidekiq-scheduler (2.1.0)
      hashie (~> 3.4)
      redis (~> 3)
      rufus-scheduler (~> 3.2)
      sidekiq (>= 3)
      tilt (>= 1.4.0)
    sidekiq-unique-jobs (4.0.18)
      sidekiq (>= 2.6)
      thor
    signet (0.7.3)
      addressable (~> 2.3)
      faraday (~> 0.9)
      jwt (~> 1.5)
      multi_json (~> 1.10)
    simple_oauth (0.3.1)
    sinatra (1.4.7)
      rack (~> 1.5)
      rack-protection (~> 1.4)
      tilt (>= 1.3, < 3)
    sixarm_ruby_unaccent (1.1.1)
    slim (3.0.7)
      temple (~> 0.7.6)
      tilt (>= 1.3.3, < 2.1)
    soap4r (1.5.8)
      httpclient (>= 2.1.1)
    spring (2.0.0)
      activesupport (>= 4.2)
    sprockets (3.6.3)
      concurrent-ruby (~> 1.0)
      rack (> 1, < 3)
    sprockets-rails (3.2.0)
      actionpack (>= 4.0)
      activesupport (>= 4.0)
      sprockets (>= 3.0.0)
    temple (0.7.7)
    therubyracer (0.12.2)
      libv8 (~> 3.16.14.0)
      ref
    thin (1.7.0)
      daemons (~> 1.0, >= 1.0.9)
      eventmachine (~> 1.0, >= 1.0.4)
      rack (>= 1, < 3)
    thor (0.19.1)
    thread_safe (0.3.5)
    tilt (2.0.5)
    time_diff (0.3.0)
      activesupport
      i18n
    turbolinks (5.0.1)
      turbolinks-source (~> 5)
    turbolinks-source (5.0.0)
    tzinfo (1.2.2)
      thread_safe (~> 0.1)
    uglifier (3.0.3)
      execjs (>= 0.3.0, < 3)
    uuidtools (2.1.5)
    validates_zipcode (0.0.16)
      activemodel (>= 3.2.0)
    warden (1.2.3)
      rack (>= 1.0)
    web-console (3.3.0)
      activemodel (>= 4.2)
      debug_inspector
      railties (>= 4.2)
    websocket-driver (0.6.4)
      websocket-extensions (>= 0.1.0)
    websocket-extensions (0.1.2)
    whenever (0.9.7)
      chronic (>= 0.6.3)
    wicked_pdf (1.1.0)
    will_paginate (3.1.5)
    wkhtmltopdf-binary-edge (0.12.2.1)
    zip-zip (0.3)
      rubyzip (>= 1.0.0)

PLATFORMS
  ruby

DEPENDENCIES
  actionview
  active_model_otp
  active_model_serializers (~> 0.10.0)
  activemerchant (~> 1.60)
  activerecord-session_store
  adminlte-rails
  ajax-datatables-rails
  angular_rails_csrf
  angularjs-rails
  audited-activerecord
  authorizenet (~> 1.8.9.1)
  aws-sdk (>= 2.0.34)
  bcrypt
  better_errors
  bootstrap-sass
  bootstrap-switch-rails
  breadcrumbs_on_rails
  byebug
  cancancan (~> 1.10)
  chartjs-ror
  chronic (~> 0.10.2)
  city-state
  coffee-rails (~> 4.1.0)
  command (~> 1.0)
  countries
  curb
  daemons
  delayed-web
  delayed_job_active_record (~> 4.1, >= 4.1.1)
  devise
  faye
  foreman
  geocoder
  google-api-client (< 0.9)
  icalendar (~> 2.3)
  icheck-rails
  invoice_number
  jbuilder (~> 2.0)
  jquery-datatables-rails
  jquery-rails
  jquery-turbolinks
  koala (~> 2.2)
  less-rails-bootstrap
  mailchimp-api
  mina
  mina-delayed_job
  mina-faye
  mina-nginx
  mina-sidekiq
  momentjs-rails
  money
  mysql2 (~> 0.3.20)
  nmi_direct_post
  nokogiri
  oauth-plugin (~> 0.5.1)
  omniauth (~> 1.2.2)
  omniauth-facebook
  omniauth-google-oauth2
  paperclip!
  phony
  phony_rails
  plivo (~> 0.3.19)
  protected_attributes
  public_activity
  puma (~> 3.6, >= 3.6.2)
  puma_worker_killer
  qbo_api (~> 1.4, >= 1.4.1)
  quickbooks-ruby (~> 0.4.6)
  rails (= 4.2.3)
  rails-observers
  rails_exception_handler (~> 2)
  rake (~> 11.2.0)
  redis
  redis-namespace
  remotipart (~> 1.2)
  responders (~> 2.0)
  rest-client (~> 1.6.7)
  roo
  rqrcode
  rspec-rails
  rubyzip (~> 1.2)
  sass-rails (~> 5.0)
  sdoc (~> 0.4.0)
  sendgrid-rails (~> 2.0)
  sidekiq
  sidekiq-client-cli
  sidekiq-failures
  sidekiq-lock
  sidekiq-scheduler
  sidekiq-unique-jobs
  sinatra
  slim
  soap4r
  spring
  sprockets (= 3.6.3)
  sprockets-rails (~> 3.2)
  therubyracer
  thin
  thor
  time_diff
  uglifier (>= 1.3.0)
  validates_zipcode
  web-console
  whenever
  wicked_pdf
  will_paginate (~> 3.1)
  wkhtmltopdf-binary-edge (~> 0.12.2.1)
  zip-zip

RUBY VERSION
   ruby 2.2.2p95

BUNDLED WITH
   1.13.7
